PATH
  remote: .
  specs:
    lbuckley_palindrome (0.1.0)

GEM
  remote: https://rubygems.org/
  specs:
    ansi (1.5.0)
    builder (3.2.4)
    minitest (5.14.4)
    minitest-reporters (1.4.3)
      ansi
      builder
      minitest (>= 5.0)
      ruby-progressbar
    rake (13.0.3)
    ruby-progressbar (1.11.0)

PLATFORMS
  arm64-darwin-20

DEPENDENCIES
  lbuckley_palindrome!
  minitest (~> 5.0)
  minitest-reporters
  rake (~> 13.0)

BUNDLED WITH
   2.2.3
